PATH
  remote: libs/saml
  specs:
    saml (0.0.1)
      nokogiri (>= 1.6.8, < 2.0.0)
      scientist (>= 1.6.4, < 2.0.0)
      securerandom (>= 0.3.1, < 1.0.0)
      time (>= 0.3.0, < 1.0.0)

PATH
  remote: libs/xmldsig
  specs:
    xmldsig (0.7.0)
      nokogiri (>= 1.6.8, < 2.0.0)

GEM
  remote: https://rubygems.org/
  specs:
    base64 (0.2.0)
    date (3.4.1)
    logger (1.7.0)
    mustermann (3.0.3)
      ruby2_keywords (~> 0.0.1)
    nio4r (2.7.4)
    nokogiri (1.18.6-aarch64-linux-gnu)
      racc (~> 1.4)
    nokogiri (1.18.6-arm64-darwin)
      racc (~> 1.4)
    puma (6.6.0)
      nio4r (~> 2.0)
    racc (1.8.1)
    rack (3.1.12)
    rack-protection (4.1.1)
      base64 (>= 0.1.0)
      logger (>= 1.6.0)
      rack (>= 3.0.0, < 4)
    rack-session (2.1.0)
      base64 (>= 0.1.0)
      rack (>= 3.0.0)
    ruby2_keywords (0.0.5)
    scientist (1.6.5)
    securerandom (0.4.1)
    sinatra (4.1.1)
      logger (>= 1.6.0)
      mustermann (~> 3.0)
      rack (>= 3.0.0, < 4)
      rack-protection (= 4.1.1)
      rack-session (>= 2.0.0, < 3)
      tilt (~> 2.0)
    tilt (2.6.0)
    time (0.4.1)
      date

PLATFORMS
  aarch64-linux
  arm64-darwin-24

DEPENDENCIES
  base64 (= 0.2.0)
  puma (= 6.6.0)
  rack (= 3.1.12)
  saml!
  sinatra (= 4.1.1)
  xmldsig!

BUNDLED WITH
   2.6.6
